PATH
  remote: .
  specs:
    cashstar-ruby (0.2.3)
      faraday (~> 0.8)
      faraday_middleware (~> 0.8)
      hashie
      multi_json (~> 1.8.0)
      multi_xml (~> 0.5.0)

GEM
  remote: http://rubygems.org/
  specs:
    addressable (2.3.6)
    crack (0.4.2)
      safe_yaml (~> 1.0.0)
    diff-lcs (1.2.5)
    faraday (0.11.0)
      multipart-post (>= 1.2, < 3)
    faraday_middleware (0.11.0)
      faraday (>= 0.7.4, < 1.0)
    hashie (3.4.6)
    metaclass (0.0.4)
    mocha (0.14.0)
      metaclass (~> 0.0.1)
    multi_json (1.8.4)
    multi_xml (0.5.5)
    multipart-post (2.0.0)
    rake (10.4.2)
    rspec (2.99.0)
      rspec-core (~> 2.99.0)
      rspec-expectations (~> 2.99.0)
      rspec-mocks (~> 2.99.0)
    rspec-core (2.99.2)
    rspec-expectations (2.99.2)
      diff-lcs (>= 1.1.3, < 2.0)
    rspec-mocks (2.99.2)
    safe_yaml (1.0.4)
    webmock (1.20.4)
      addressable (>= 2.3.6)
      crack (>= 0.3.2)

PLATFORMS
  java
  ruby

DEPENDENCIES
  cashstar-ruby!
  mocha (~> 0.13)
  rake
  rspec (~> 2.12)
  webmock (~> 1.9)

BUNDLED WITH
   1.12.5
